GEM
  remote: http://rubygems.org/
  specs:
    formatador (0.2.5)

PLATFORMS
  ruby

DEPENDENCIES
  formatador (~> 0.2.5)

BUNDLED WITH
   1.14.6
